PATH
  remote: .
  specs:
    conversys (0.0.0)
      faraday
      faraday_middleware
      multi_xml
      rash

GEM
  remote: http://rubygems.org/
  specs:
    awesome_print (1.1.0)
    faraday (0.8.7)
      multipart-post (~> 1.1)
    faraday_middleware (0.9.0)
      faraday (>= 0.7.4, < 0.9)
    hashie (2.0.5)
    multi_xml (0.5.3)
    multipart-post (1.2.0)
    rash (0.4.0)
      hashie (~> 2.0.0)

PLATFORMS
  ruby

DEPENDENCIES
  awesome_print
  bundler
  conversys!
